PATH
  remote: .
  specs:
    geometry (0.1.0)

GEM
  remote: https://rubygems.org/
  specs:
    ansi (1.5.0)
    builder (3.2.4)
    minitest (5.15.0)
    minitest-reporters (1.5.0)
      ansi
      builder
      minitest (>= 5.0)
      ruby-progressbar
    rake (10.5.0)
    ruby-progressbar (1.11.0)

PLATFORMS
  ruby

DEPENDENCIES
  bundler (~> 2.0)
  geometry!
  minitest (>= 5.8)
  minitest-reporters (>= 1.1)
  rake (~> 10.0)

BUNDLED WITH
   2.1.2
